GEM
  specs:
    coderay (1.1.2)
    gosu (0.12.1)
    method_source (0.9.0)
    pry (0.11.2)
      coderay (~> 1.1.0)
      method_source (~> 0.9.0)

PLATFORMS
  ruby

DEPENDENCIES
  gosu
  pry

BUNDLED WITH
   1.15.4
